GIT
  remote: git://github.com/distler/maruku.git
  revision: 4fe98e83c5dffbdd077615e659c06410d740f1ea
  branch: nokogiri
  specs:
    maruku (0.7.3.beta1)
      itextomml (>= 1.5.0)
      nokogiri (~> 1.5, >= 1.5.6)
      syntax (~> 1.1.0)

GEM
  remote: http://rubygems.org/
  specs:
    RedCloth (4.2.9)
    abstract (1.0.0)
    daemons (1.1.9)
    erubis (2.7.0)
    eventmachine (1.0.3)
    file_signature (1.2.0)
    iconv (1.0.4)
    itextomml (1.5.2)
    json (1.8.1)
    kgio (2.9.2)
    nokogiri (1.5.11)
    rack (1.5.2)
    rails_xss (0.4.0)
    raindrops (0.13.0)
    rake (10.3.2)
    rdoc (4.1.1)
      json (~> 1.4)
    rdoc-data (4.0.1)
      rdoc (~> 4.0)
    rubyzip (0.9.9)
    sqlite3 (1.3.9)
    syntax (1.1.0)
    thin (1.6.2)
      daemons (>= 1.0.9)
      eventmachine (>= 1.0.0)
      rack (>= 1.0.0)
    unicorn (4.8.3)
      kgio (~> 2.6)
      rack
      raindrops (~> 0.7)

PLATFORMS
  ruby

DEPENDENCIES
  RedCloth (>= 4.0.0)
  abstract (~> 1.0.0)
  erubis
  file_signature (~> 1.2.0)
  iconv
  itextomml (>= 1.5.1)
  json
  maruku!
  nokogiri (~> 1.5.6)
  rack (>= 1.1.3)
  rails_xss (~> 0.4.0)
  rake
  rdoc
  rdoc-data
  rubyzip (~> 0.9.9)
  sqlite3
  syntax (~> 1.1.0)
  thin
  unicorn
